GIT
  remote: git://github.com/eugenk/graphql-docs.git
  revision: cc3eedee1ea10027c35fad251aa6e9ddc9bdd19d
  branch: improve_style_and_fix_nil_fields
  specs:
    graphql-docs (0.6.2)
      commonmarker (~> 0.16)
      extended-markdown-filter (~> 0.4)
      faraday (< 0.10)
      gemoji (= 2.1.0)
      graphql (~> 1.4)
      html-pipeline (~> 2.2)
      sass (~> 3.4)

GEM
  remote: https://rubygems.org/
  specs:
    activesupport (5.1.2)
      concurrent-ruby (~> 1.0, >= 1.0.2)
      i18n (~> 0.7)
      minitest (~> 5.1)
      tzinfo (~> 1.1)
    airbrussh (1.3.0)
      sshkit (>= 1.6.1, != 1.7.0)
    capistrano (3.8.2)
      airbrussh (>= 1.0.0)
      i18n
      rake (>= 10.0.0)
      sshkit (>= 1.9.0)
    capistrano-bundler (1.2.0)
      capistrano (~> 3.1)
      sshkit (~> 1.2)
    capistrano-rails (1.3.0)
      capistrano (~> 3.1)
      capistrano-bundler (~> 1.1)
    capistrano-rbenv (2.1.1)
      capistrano (~> 3.1)
      sshkit (~> 1.3)
    coderay (1.1.1)
    commonmarker (0.16.8)
      ruby-enum (~> 0.5)
    concurrent-ruby (1.0.5)
    extended-markdown-filter (0.4.9)
      html-pipeline (~> 2.0)
      nokogiri (~> 1.6)
    faraday (0.9.2)
      multipart-post (>= 1.2, < 3)
    ffi (1.9.18)
    gemoji (2.1.0)
    graphql (1.6.6)
    html-pipeline (2.6.0)
      activesupport (>= 2)
      nokogiri (>= 1.4)
    i18n (0.8.4)
    method_source (0.8.2)
    mini_portile2 (2.2.0)
    minitest (5.10.2)
    multipart-post (2.0.0)
    net-scp (1.2.1)
      net-ssh (>= 2.6.5)
    net-ssh (4.1.0)
    nokogiri (1.8.0)
      mini_portile2 (~> 2.2.0)
    pry (0.10.4)
      coderay (~> 1.1.0)
      method_source (~> 0.8.1)
      slop (~> 3.4)
    rake (12.0.0)
    rb-fsevent (0.10.2)
    rb-inotify (0.9.10)
      ffi (>= 0.5.0, < 2)
    ruby-enum (0.7.1)
      i18n
    sass (3.5.1)
      sass-listen (~> 4.0.0)
    sass-listen (4.0.0)
      rb-fsevent (~> 0.9, >= 0.9.4)
      rb-inotify (~> 0.9, >= 0.9.7)
    slop (3.6.0)
    sshkit (1.13.1)
      net-scp (>= 1.1.2)
      net-ssh (>= 2.8.0)
    thread_safe (0.3.6)
    tzinfo (1.2.3)
      thread_safe (~> 0.1)

PLATFORMS
  ruby

DEPENDENCIES
  capistrano (~> 3.8.2)
  capistrano-rails (~> 1.3.0)
  capistrano-rbenv (~> 2.1.1)
  graphql-docs!
  pry (~> 0.10.4)

BUNDLED WITH
   1.14.6
